GEM
  remote: http://rubygems.org/
  specs:
    RedCloth (4.2.8)
    adsf (1.0.1)
      rack (>= 1.0.0)
    clamp (0.1.8)
    daemons (1.1.4)
    diff-lcs (1.1.3)
    eventmachine (0.12.10)
    faraday (0.8.7)
      multipart-post (~> 1.1)
    flickraw (0.9)
    haml (3.0.25)
    json (1.4.6)
    multi_json (1.7.6)
    multipart-post (1.2.0)
    pith (0.2.1)
      adsf (~> 1.0.1)
      clamp (~> 0.1.7)
      rack (~> 1.2.1)
      thin (~> 1.2.7)
      tilt (~> 1.1)
    rack (1.2.4)
    rake (0.9.2)
    rspec (2.6.0)
      rspec-core (~> 2.6.0)
      rspec-expectations (~> 2.6.0)
      rspec-mocks (~> 2.6.0)
    rspec-core (2.6.4)
    rspec-expectations (2.6.0)
      diff-lcs (~> 1.1.2)
    rspec-mocks (2.6.0)
    simple_oauth (0.2.0)
    thin (1.2.11)
      daemons (>= 1.0.9)
      eventmachine (>= 0.12.6)
      rack (>= 1.0.0)
    tilt (1.3.3)
    twitter (4.8.0)
      faraday (~> 0.8, < 0.10)
      multi_json (~> 1.0)
      simple_oauth (~> 0.2)

PLATFORMS
  ruby

DEPENDENCIES
  RedCloth (~> 4.2.3)
  flickraw (= 0.9)
  haml (~> 3.0.4)
  json
  pith (~> 0.2.1)
  rake
  rspec
  rspec-core
  rspec-expectations
  rspec-mocks
  twitter (~> 4.8.0)
