GEM
  remote: http://rubygems.org/
  specs:
    RedCloth (4.2.8)
    adsf (1.0.1)
      rack (>= 1.0.0)
    clamp (0.1.8)
    daemons (1.1.4)
    eventmachine (0.12.10)
    haml (3.0.25)
    pith (0.1.1)
      adsf (~> 1.0.1)
      clamp (~> 0.1.7)
      rack (~> 1.2.1)
      thin (~> 1.2.7)
      tilt (~> 1.1)
    rack (1.2.4)
    rake (0.9.2)
    thin (1.2.11)
      daemons (>= 1.0.9)
      eventmachine (>= 0.12.6)
      rack (>= 1.0.0)
    tilt (1.3.3)

PLATFORMS
  ruby

DEPENDENCIES
  RedCloth (~> 4.2.3)
  haml (~> 3.0.4)
  pith (= 0.1.1)
  rake
