GEM
  remote: http://rubygems.org/
  specs:
    RedCloth (4.2.8)
    addressable (2.2.6)
    adsf (1.0.1)
      rack (>= 1.0.0)
    clamp (0.1.8)
    daemons (1.1.4)
    eventmachine (0.12.10)
    faraday (0.7.5)
      addressable (~> 2.2.6)
      multipart-post (~> 1.1.3)
      rack (>= 1.1.0, < 2)
    faraday_middleware (0.7.0)
      faraday (~> 0.7.3)
    flickraw (0.9)
    haml (3.0.25)
    hashie (1.1.0)
    json (1.4.6)
    multi_json (1.0.3)
    multi_xml (0.4.1)
    multipart-post (1.1.3)
    pith (0.2.1)
      adsf (~> 1.0.1)
      clamp (~> 0.1.7)
      rack (~> 1.2.1)
      thin (~> 1.2.7)
      tilt (~> 1.1)
    rack (1.2.4)
    rake (0.9.2)
    simple_oauth (0.1.5)
    thin (1.2.11)
      daemons (>= 1.0.9)
      eventmachine (>= 0.12.6)
      rack (>= 1.0.0)
    tilt (1.3.3)
    twitter (1.7.2)
      faraday (~> 0.7.4)
      faraday_middleware (~> 0.7.0)
      hashie (~> 1.1.0)
      multi_json (~> 1.0.0)
      multi_xml (~> 0.4.0)
      simple_oauth (~> 0.1.5)

PLATFORMS
  ruby

DEPENDENCIES
  RedCloth (~> 4.2.3)
  flickraw (= 0.9)
  haml (~> 3.0.4)
  json
  pith (~> 0.2.1)
  rake
  twitter (~> 1.7.2)
